GEM
  remote: https://rubygems.org/
  specs:
    bson (4.3.0)
    byebug (10.0.2)
    mongo (2.6.2)
      bson (>= 4.3.0, < 5.0.0)

PLATFORMS
  ruby

DEPENDENCIES
  byebug
  mongo (= 2.6.2)

RUBY VERSION
   ruby 2.5.1p57

BUNDLED WITH
   1.16.3
